STORAGE: NONE
RESTRICTION: == net7.0
NUGET
  remote: https://api.nuget.org/v3/index.json
    FSharp.Core (7.0.400)
    Giraffe (6.0)
      FSharp.Core (>= 6.0.1)
      Giraffe.ViewEngine (>= 1.3)
      Microsoft.IO.RecyclableMemoryStream (>= 2.2)
      Newtonsoft.Json (>= 13.0.1)
      System.Text.Json (>= 6.0.2)
      Utf8Json (>= 1.3.7)
    Giraffe.ViewEngine (1.4)
      FSharp.Core (>= 5.0)
    Microsoft.AspNetCore.TestHost (7.0.10)
      System.IO.Pipelines (>= 7.0)
    Microsoft.CodeCoverage (17.7)
    Microsoft.IO.RecyclableMemoryStream (2.3.2)
    Microsoft.NET.Test.Sdk (17.7)
      Microsoft.CodeCoverage (>= 17.7)
      Microsoft.TestPlatform.TestHost (>= 17.7)
    Microsoft.NETCore.Platforms (7.0.4)
    Microsoft.TestPlatform.ObjectModel (17.7)
      NuGet.Frameworks (>= 6.5)
      System.Reflection.Metadata (>= 1.6)
    Microsoft.TestPlatform.TestHost (17.7)
      Microsoft.TestPlatform.ObjectModel (>= 17.7)
      Newtonsoft.Json (>= 13.0.1)
    NETStandard.Library (2.0.3)
      Microsoft.NETCore.Platforms (>= 1.1)
    Newtonsoft.Json (13.0.3)
    NuGet.Frameworks (6.7)
    System.Collections.Immutable (7.0)
    System.IO.Pipelines (7.0)
    System.Reflection.Emit (4.7)
    System.Reflection.Emit.Lightweight (4.7)
    System.Reflection.Metadata (7.0.2)
      System.Collections.Immutable (>= 7.0)
    System.Text.Encodings.Web (7.0)
    System.Text.Json (7.0.3)
      System.Text.Encodings.Web (>= 7.0)
    System.Threading.Tasks.Extensions (4.5.4)
    System.ValueTuple (4.5)
    Utf8Json (1.3.7)
      System.Reflection.Emit (>= 4.3)
      System.Reflection.Emit.Lightweight (>= 4.3)
      System.Threading.Tasks.Extensions (>= 4.4)
      System.ValueTuple (>= 4.4)
    xunit (2.5)
      xunit.analyzers (>= 1.2)
      xunit.assert (>= 2.5)
      xunit.core (2.5)
    xunit.abstractions (2.0.3)
    xunit.analyzers (1.2)
    xunit.assert (2.5)
      NETStandard.Library (>= 1.6.1)
    xunit.core (2.5)
      xunit.extensibility.core (2.5)
      xunit.extensibility.execution (2.5)
    xunit.extensibility.core (2.5)
      NETStandard.Library (>= 1.6.1)
      xunit.abstractions (>= 2.0.3)
    xunit.extensibility.execution (2.5)
      NETStandard.Library (>= 1.6.1)
      xunit.extensibility.core (2.5)
    xunit.runner.visualstudio (2.5)
