STORAGE: NONE
RESTRICTION: == net8.0
NUGET
  remote: https://api.nuget.org/v3/index.json
    FSharp.Core (8.0.200)
    Giraffe (6.0)
      FSharp.Core (>= 6.0.1)
      Giraffe.ViewEngine (>= 1.3)
      Microsoft.IO.RecyclableMemoryStream (>= 2.2)
      Newtonsoft.Json (>= 13.0.1)
      System.Text.Json (>= 6.0.2)
      Utf8Json (>= 1.3.7)
    Giraffe.Razor (5.1.0-rc-2)
      FSharp.Core (>= 5.0)
      Giraffe (>= 5.0.0-rc-6)
      Microsoft.AspNetCore.Mvc.Razor.RuntimeCompilation (>= 5.0)
      Ply (>= 0.3.1)
    Giraffe.ViewEngine (1.4)
      FSharp.Core (>= 5.0)
    Microsoft.AspNetCore.Mvc.Razor.Extensions (6.0.29)
      Microsoft.AspNetCore.Razor.Language (>= 6.0.29)
      Microsoft.CodeAnalysis.Razor (>= 6.0.29)
    Microsoft.AspNetCore.Mvc.Razor.RuntimeCompilation (7.0.18)
      Microsoft.AspNetCore.Mvc.Razor.Extensions (>= 6.0)
      Microsoft.CodeAnalysis.Razor (>= 6.0)
      Microsoft.Extensions.DependencyModel (>= 7.0)
    Microsoft.AspNetCore.Razor.Language (6.0.29)
    Microsoft.AspNetCore.TestHost (8.0.4)
      System.IO.Pipelines (>= 8.0)
    Microsoft.CodeAnalysis.Analyzers (3.3.4)
    Microsoft.CodeAnalysis.Common (4.9.2)
      Microsoft.CodeAnalysis.Analyzers (>= 3.3.4)
      System.Collections.Immutable (>= 8.0)
      System.Reflection.Metadata (>= 8.0)
      System.Runtime.CompilerServices.Unsafe (>= 6.0)
    Microsoft.CodeAnalysis.CSharp (4.9.2)
      Microsoft.CodeAnalysis.Common (4.9.2)
    Microsoft.CodeAnalysis.Razor (6.0.29)
      Microsoft.AspNetCore.Razor.Language (>= 6.0.29)
      Microsoft.CodeAnalysis.Common (>= 4.0)
      Microsoft.CodeAnalysis.CSharp (>= 4.0)
    Microsoft.CodeCoverage (17.9)
    Microsoft.Extensions.DependencyModel (8.0)
      System.Text.Encodings.Web (>= 8.0)
      System.Text.Json (>= 8.0)
    Microsoft.IO.RecyclableMemoryStream (3.0)
    Microsoft.NET.Test.Sdk (17.9)
      Microsoft.CodeCoverage (>= 17.9)
      Microsoft.TestPlatform.TestHost (>= 17.9)
    Microsoft.TestPlatform.ObjectModel (17.9)
      System.Reflection.Metadata (>= 1.6)
    Microsoft.TestPlatform.TestHost (17.9)
      Microsoft.TestPlatform.ObjectModel (>= 17.9)
      Newtonsoft.Json (>= 13.0.1)
    Newtonsoft.Json (13.0.3)
    Ply (0.3.1)
      FSharp.Core (>= 4.6.2)
      System.Threading.Tasks.Extensions (>= 4.5.4)
    System.Collections.Immutable (8.0)
    System.IO.Pipelines (8.0)
    System.Reflection.Emit (4.7)
    System.Reflection.Emit.Lightweight (4.7)
    System.Reflection.Metadata (8.0)
      System.Collections.Immutable (>= 8.0)
    System.Runtime.CompilerServices.Unsafe (6.0)
    System.Text.Encodings.Web (8.0)
    System.Text.Json (8.0.3)
      System.Text.Encodings.Web (>= 8.0)
    System.Threading.Tasks.Extensions (4.5.4)
    System.ValueTuple (4.5)
    Utf8Json (1.3.7)
      System.Reflection.Emit (>= 4.3)
      System.Reflection.Emit.Lightweight (>= 4.3)
      System.Threading.Tasks.Extensions (>= 4.4)
      System.ValueTuple (>= 4.4)
    xunit (2.8)
      xunit.analyzers (>= 1.13)
      xunit.assert (>= 2.8)
      xunit.core (2.8)
    xunit.abstractions (2.0.3)
    xunit.analyzers (1.13)
    xunit.assert (2.8)
    xunit.core (2.8)
      xunit.extensibility.core (2.8)
      xunit.extensibility.execution (2.8)
    xunit.extensibility.core (2.8)
      xunit.abstractions (>= 2.0.3)
    xunit.extensibility.execution (2.8)
      xunit.extensibility.core (2.8)
    xunit.runner.visualstudio (2.8)
